GEM
  remote: https://rubygems.org/
  specs:
    actionmailer (3.2.19)
      actionpack (= 3.2.19)
      mail (~> 2.5.4)
    actionpack (3.2.19)
      activemodel (= 3.2.19)
      activesupport (= 3.2.19)
      builder (~> 3.0.0)
      erubis (~> 2.7.0)
      journey (~> 1.0.4)
      rack (~> 1.4.5)
      rack-cache (~> 1.2)
      rack-test (~> 0.6.1)
      sprockets (~> 2.2.1)
    activemodel (3.2.19)
      activesupport (= 3.2.19)
      builder (~> 3.0.0)
    activerecord (3.2.19)
      activemodel (= 3.2.19)
      activesupport (= 3.2.19)
      arel (~> 3.0.2)
      tzinfo (~> 0.3.29)
    activeresource (3.2.19)
      activemodel (= 3.2.19)
      activesupport (= 3.2.19)
    activesupport (3.2.19)
      i18n (~> 0.6, >= 0.6.4)
      multi_json (~> 1.0)
    annotate (2.6.5)
      activerecord (>= 2.3.0)
      rake (>= 0.8.7)
    arel (3.0.3)
    authlogic (3.4.2)
      activerecord (>= 3.2)
      activesupport (>= 3.2)
      request_store (~> 1.0)
    bitly (0.5.5)
      crack (>= 0.1.4)
      httparty (>= 0.5.2)
    builder (3.0.4)
    cancan (1.4.1)
    coderay (1.1.0)
    coffee-rails (3.2.2)
      coffee-script (>= 2.2.0)
      railties (~> 3.2.0)
    coffee-script (2.3.0)
      coffee-script-source
      execjs
    coffee-script-source (1.7.1)
    compass (0.10.6)
      haml (>= 3.0.4)
    couchrest (0.37)
      mime-types (>= 1.15)
      rest-client (>= 0.5)
    crack (0.4.2)
      safe_yaml (~> 1.0.0)
    daemon_controller (1.2.0)
    erubis (2.7.0)
    execjs (2.2.1)
    faker (0.3.1)
    fastthread (1.0.7)
    file-tail (1.0.12)
      tins (~> 0.5)
    gravtastic (2.2.0)
    haml (4.0.5)
      tilt
    hike (1.2.3)
    hoe (3.12.0)
      rake (>= 0.8, < 11.0)
    hoptoad_notifier (2.4.11)
      activesupport
      builder
    httparty (0.13.1)
      json (~> 1.8)
      multi_xml (>= 0.5.2)
    i18n (0.6.11)
    journey (1.0.4)
    jquery-rails (3.1.1)
      railties (>= 3.0, < 5.0)
      thor (>= 0.14, < 2.0)
    json (1.8.1)
    json_pure (1.8.1)
    machinist (1.0.6)
    mail (2.5.4)
      mime-types (~> 1.16)
      treetop (~> 1.4.8)
    markup_validity (1.1.0)
      hoe (>= 2.3.2)
      nokogiri (>= 1.3.1)
    maruku (0.6.1)
      syntax (>= 1.0.0)
      syntax (>= 1.0.0)
      syntax (>= 1.0.0)
      syntax (>= 1.0.0)
      syntax (>= 1.0.0)
      syntax (>= 1.0.0)
      syntax (>= 1.0.0)
      syntax (>= 1.0.0)
      syntax (>= 1.0.0)
    method_source (0.8.2)
    mime-types (1.25.1)
    multi_json (1.10.1)
    multi_xml (0.5.5)
    mysql (2.8.1)
    netrc (0.7.7)
    newrelic_rpm (3.9.0.229)
    nokogiri (1.4.7)
    oauth (0.4.7)
    passenger (3.0.5)
      daemon_controller (>= 0.2.5)
      fastthread (>= 1.0.1)
      file-tail
      rack
      rake (>= 0.8.1)
    polyglot (0.3.5)
    pry (0.9.12.6)
      coderay (~> 1.0)
      method_source (~> 0.8)
      slop (~> 3.4)
    query_diet (0.5.2)
    rack (1.4.5)
    rack-cache (1.2)
      rack (>= 0.4)
    rack-ssl (1.3.4)
      rack
    rack-test (0.6.2)
      rack (>= 1.0)
    rails (3.2.19)
      actionmailer (= 3.2.19)
      actionpack (= 3.2.19)
      activerecord (= 3.2.19)
      activeresource (= 3.2.19)
      activesupport (= 3.2.19)
      bundler (~> 1.0)
      railties (= 3.2.19)
    railties (3.2.19)
      actionpack (= 3.2.19)
      activesupport (= 3.2.19)
      rack-ssl (~> 1.3.2)
      rake (>= 0.8.7)
      rdoc (~> 3.4)
      thor (>= 0.14.6, < 2.0)
    rake (10.3.2)
    rdoc (3.12.2)
      json (~> 1.4)
    recaptcha (0.2.3)
    remarkable (3.1.13)
      rspec (>= 1.2.0)
    remarkable_activerecord (3.1.13)
      remarkable (~> 3.1.13)
      rspec (>= 1.2.0)
    remarkable_rails (3.1.13)
      remarkable (~> 3.1.13)
      remarkable_activerecord (~> 3.1.13)
      rspec (>= 1.2.0)
      rspec-rails (>= 1.2.0)
    request_store (1.0.7)
    rest-client (1.7.2)
      mime-types (>= 1.16, < 3.0)
      netrc (~> 0.7)
    rollbar (1.0.0)
      multi_json (~> 1.3)
    rpx_now (0.6.24)
      json_pure
    rspec (1.3.2)
    rspec-rails (1.3.4)
      rack (>= 1.0.0)
      rspec (~> 1.3.1)
    safe_yaml (1.0.3)
    sass (3.3.10)
    sass-rails (3.2.6)
      railties (~> 3.2.0)
      sass (>= 3.1.10)
      tilt (~> 1.3)
    sitemap_generator (5.0.4)
      builder
    slop (3.6.0)
    sprockets (2.2.2)
      hike (~> 1.2)
      multi_json (~> 1.0)
      rack (~> 1.0)
      tilt (~> 1.1, != 1.3.0)
    syntax (1.2.0)
    test-unit (2.5.5)
    thor (0.19.1)
    tilt (1.4.1)
    timeline_fu (0.3.0)
    tins (0.13.2)
    treetop (1.4.15)
      polyglot
      polyglot (>= 0.3.1)
    treetop-dcf (0.2.1)
      treetop (>= 1.2.5)
    tzinfo (0.3.40)
    uglifier (2.5.3)
      execjs (>= 0.3.0)
      json (>= 1.8.0)
    webrat (0.7.3)
      nokogiri (>= 1.2.0)
      rack (>= 1.0)
      rack-test (>= 0.5.3)
    will_paginate (3.0.7)
    wirble (0.1.3)
    yajl-ruby (0.7.9)

PLATFORMS
  ruby

DEPENDENCIES
  annotate
  authlogic
  bitly (~> 0.5.3)
  cancan (~> 1.4.0)
  coffee-rails (~> 3.2.1)
  compass (~> 0.10.5)
  couchrest (~> 0.37)
  faker (~> 0.3.1)
  gravtastic (~> 2.2.0)
  haml
  hoptoad_notifier (~> 2.4)
  jquery-rails
  machinist (~> 1.0.6)
  markup_validity (~> 1.1.0)
  maruku (~> 0.6.0)
  mysql (~> 2.8.1)
  newrelic_rpm
  nokogiri (~> 1.4.4)
  oauth (~> 0.4.4)
  passenger (= 3.0.5)
  pry (~> 0.9.12.6)
  query_diet
  rails (= 3.2.19)
  recaptcha (~> 0.2.3)
  remarkable_rails (~> 3.1.13)
  rollbar
  rpx_now (~> 0.6.23)
  rspec-rails (~> 1.3.4)
  sass-rails (~> 3.2.3)
  sitemap_generator
  test-unit
  timeline_fu (~> 0.3.0)
  treetop-dcf (~> 0.2.1)
  uglifier (>= 1.0.3)
  webrat (~> 0.7.2)
  will_paginate
  wirble
  yajl-ruby (~> 0.7.8)
