GEM
  remote: https://rubygems.org/
  specs:
    actionmailer (3.2.19)
      actionpack (= 3.2.19)
      mail (~> 2.5.4)
    actionpack (3.2.19)
      activemodel (= 3.2.19)
      activesupport (= 3.2.19)
      builder (~> 3.0.0)
      erubis (~> 2.7.0)
      journey (~> 1.0.4)
      rack (~> 1.4.5)
      rack-cache (~> 1.2)
      rack-test (~> 0.6.1)
      sprockets (~> 2.2.1)
    activemodel (3.2.19)
      activesupport (= 3.2.19)
      builder (~> 3.0.0)
    activerecord (3.2.19)
      activemodel (= 3.2.19)
      activesupport (= 3.2.19)
      arel (~> 3.0.2)
      tzinfo (~> 0.3.29)
    activeresource (3.2.19)
      activemodel (= 3.2.19)
      activesupport (= 3.2.19)
    activesupport (3.2.19)
      i18n (~> 0.6, >= 0.6.4)
      multi_json (~> 1.0)
    annotate (2.6.5)
      activerecord (>= 2.3.0)
      rake (>= 0.8.7)
    arel (3.0.3)
    authlogic (2.1.7)
      activesupport
    bitly (0.5.5)
      crack (>= 0.1.4)
      httparty (>= 0.5.2)
    builder (3.0.4)
    cancan (1.4.1)
    coderay (1.1.0)
    compass (0.10.6)
      haml (>= 3.0.4)
    couchrest (0.38)
      json (= 1.2.4)
      mime-types (>= 1.15)
      rest-client (>= 0.5)
    crack (0.4.2)
      safe_yaml (~> 1.0.0)
    daemon_controller (1.2.0)
    erubis (2.7.0)
    faker (0.3.1)
    fastthread (1.0.7)
    file-tail (1.0.12)
      tins (~> 0.5)
    gravtastic (2.2.0)
    haml (3.0.25)
    hike (1.2.3)
    hoptoad_notifier (2.4.11)
      activesupport
      builder
    httparty (0.11.0)
      multi_json (~> 1.0)
      multi_xml (>= 0.5.2)
    i18n (0.6.11)
    journey (1.0.4)
    json (1.2.4)
    json_pure (1.8.1)
    machinist (1.0.6)
    mail (2.5.4)
      mime-types (~> 1.16)
      treetop (~> 1.4.8)
    markup_validity (1.1.0)
      nokogiri (>= 1.3.1)
    maruku (0.6.1)
      syntax (>= 1.0.0)
    method_source (0.8.2)
    mime-types (1.25.1)
    multi_json (1.10.1)
    multi_xml (0.5.5)
    mysql (2.8.1)
    netrc (0.7.7)
    newrelic_rpm (3.9.0.229)
    nokogiri (1.4.7)
    oauth (0.4.7)
    passenger (3.0.5)
      daemon_controller (>= 0.2.5)
      fastthread (>= 1.0.1)
      file-tail
      rack
      rake (>= 0.8.1)
    polyglot (0.3.5)
    pry (0.9.12.6)
      coderay (~> 1.0)
      method_source (~> 0.8)
      slop (~> 3.4)
    query_diet (0.5.2)
    rack (1.4.5)
    rack-cache (1.2)
      rack (>= 0.4)
    rack-ssl (1.3.4)
      rack
    rack-test (0.6.2)
      rack (>= 1.0)
    rails (3.2.19)
      actionmailer (= 3.2.19)
      actionpack (= 3.2.19)
      activerecord (= 3.2.19)
      activeresource (= 3.2.19)
      activesupport (= 3.2.19)
      bundler (~> 1.0)
      railties (= 3.2.19)
    railties (3.2.19)
      actionpack (= 3.2.19)
      activesupport (= 3.2.19)
      rack-ssl (~> 1.3.2)
      rake (>= 0.8.7)
      rdoc (~> 3.4)
      thor (>= 0.14.6, < 2.0)
    rake (10.3.2)
    rdoc (3.9.5)
    recaptcha (0.2.3)
    remarkable (3.1.13)
      rspec (>= 1.2.0)
    remarkable_activerecord (3.1.13)
      remarkable (~> 3.1.13)
      rspec (>= 1.2.0)
    remarkable_rails (3.1.13)
      remarkable (~> 3.1.13)
      remarkable_activerecord (~> 3.1.13)
      rspec (>= 1.2.0)
      rspec-rails (>= 1.2.0)
    rest-client (1.7.1)
      mime-types (>= 1.16, < 3.0)
      netrc (~> 0.7)
    rollbar (0.13.2)
      multi_json (~> 1.3)
    rpx_now (0.6.24)
      json_pure
    rspec (1.3.2)
    rspec-rails (1.3.4)
      rack (>= 1.0.0)
      rspec (~> 1.3.1)
    safe_yaml (1.0.3)
    slop (3.5.0)
    sprockets (2.2.2)
      hike (~> 1.2)
      multi_json (~> 1.0)
      rack (~> 1.0)
      tilt (~> 1.1, != 1.3.0)
    syntax (1.2.0)
    thor (0.19.1)
    tilt (1.4.1)
    timeline_fu (0.3.0)
    tins (0.13.2)
    treetop (1.4.15)
      polyglot
      polyglot (>= 0.3.1)
    treetop-dcf (0.2.1)
      treetop (>= 1.2.5)
    tzinfo (0.3.40)
    webrat (0.7.3)
      nokogiri (>= 1.2.0)
      rack (>= 1.0)
      rack-test (>= 0.5.3)
    will_paginate (2.3.16)
    wirble (0.1.3)
    yajl-ruby (0.7.9)

PLATFORMS
  ruby

DEPENDENCIES
  annotate
  authlogic (~> 2.1.6)
  bitly (~> 0.5.3)
  cancan (~> 1.4.0)
  compass (~> 0.10.5)
  couchrest (~> 0.37)
  faker (~> 0.3.1)
  gravtastic (~> 2.2.0)
  haml (~> 3.0.22)
  hoptoad_notifier (~> 2.4)
  machinist (~> 1.0.6)
  markup_validity (~> 1.1.0)
  maruku (~> 0.6.0)
  mysql (~> 2.8.1)
  newrelic_rpm
  nokogiri (~> 1.4.4)
  oauth (~> 0.4.4)
  passenger (= 3.0.5)
  pry (~> 0.9.12.6)
  query_diet
  rails (= 3.2.19)
  recaptcha (~> 0.2.3)
  remarkable_rails (~> 3.1.13)
  rollbar
  rpx_now (~> 0.6.23)
  rspec-rails (~> 1.3.4)
  timeline_fu (~> 0.3.0)
  treetop-dcf (~> 0.2.1)
  webrat (~> 0.7.2)
  will_paginate (~> 2.3.15)
  wirble
  yajl-ruby (~> 0.7.8)
